GEM
  remote: https://rubygems.org/
  specs:
    wkhtmltopdf (0.1.2)

PLATFORMS
  ruby

DEPENDENCIES
  wkhtmltopdf

BUNDLED WITH
   2.2.28
